GEM
  remote: http://rubygems.org/
  specs:
    simplecov (0.4.2)
      simplecov-html (~> 0.4.4)
    simplecov-html (0.4.4)

PLATFORMS
  ruby

DEPENDENCIES
  simplecov (>= 0.4.2)
